PATH
  remote: .
  specs:
    em-actor (0.0.0)
      eventmachine

GEM
  remote: https://rubygems.org/
  specs:
    eventmachine (1.0.3)

PLATFORMS
  ruby

DEPENDENCIES
  em-actor!
  eventmachine
